GIT
  remote: https://github.com/CanCanCommunity/cancancan.git
  revision: 0e42c4e251d67b382849958857db5c577be8e30e
  branch: master
  specs:
    cancancan (2.1.3)

GIT
  remote: https://github.com/netguru/capistrano-docker
  revision: 873aa5fdce66c6962dad555a914d31d4fdc77f5c
  specs:
    capistrano-docker (0.2.11)
      capistrano (>= 3.3)

GEM
  remote: https://rubygems.org/
  remote: https://rails-assets.org/
  specs:
    actioncable (5.1.6)
      actionpack (= 5.1.6)
      nio4r (~> 2.0)
      websocket-driver (~> 0.6.1)
    actionmailer (5.1.6)
      actionpack (= 5.1.6)
      actionview (= 5.1.6)
      activejob (= 5.1.6)
      mail (~> 2.5, >= 2.5.4)
      rails-dom-testing (~> 2.0)
    actionpack (5.1.6)
      actionview (= 5.1.6)
      activesupport (= 5.1.6)
      rack (~> 2.0)
      rack-test (>= 0.6.3)
      rails-dom-testing (~> 2.0)
      rails-html-sanitizer (~> 1.0, >= 1.0.2)
    actionview (5.1.6)
      activesupport (= 5.1.6)
      builder (~> 3.1)
      erubi (~> 1.4)
      rails-dom-testing (~> 2.0)
      rails-html-sanitizer (~> 1.0, >= 1.0.3)
    active_model_serializers (0.10.7)
      actionpack (>= 4.1, < 6)
      activemodel (>= 4.1, < 6)
      case_transform (>= 0.2)
      jsonapi-renderer (>= 0.1.1.beta1, < 0.3)
    activejob (5.1.6)
      activesupport (= 5.1.6)
      globalid (>= 0.3.6)
    activemodel (5.1.6)
      activesupport (= 5.1.6)
    activerecord (5.1.6)
      activemodel (= 5.1.6)
      activesupport (= 5.1.6)
      arel (~> 8.0)
    activesupport (5.1.6)
      concurrent-ruby (~> 1.0, >= 1.0.2)
      i18n (>= 0.7, < 2)
      minitest (~> 5.1)
      tzinfo (~> 1.1)
    acts-as-taggable-on (4.0.0)
      activerecord (>= 4.0)
    acts_as_list (0.9.11)
      activerecord (>= 3.0)
    addressable (2.5.2)
      public_suffix (>= 2.0.2, < 4.0)
    airbrussh (1.3.0)
      sshkit (>= 1.6.1, != 1.7.0)
    arel (8.0.0)
    autoprefixer-rails (8.2.0)
      execjs
    axlsx (2.1.0.pre)
      htmlentities (~> 4.3.1)
      nokogiri (>= 1.4.1)
      rubyzip (~> 1.1.7)
    axlsx_rails (0.5.1)
      actionpack (>= 3.1)
      axlsx (>= 2.0.1)
    bcrypt (3.1.11)
    builder (3.2.3)
    capistrano (3.6.1)
      airbrussh (>= 1.0.0)
      capistrano-harrow
      i18n
      rake (>= 10.0.0)
      sshkit (>= 1.9.0)
    capistrano-bundler (1.3.0)
      capistrano (~> 3.1)
      sshkit (~> 1.2)
    capistrano-file-permissions (1.0.0)
      capistrano (~> 3.0)
    capistrano-harrow (0.5.3)
    capistrano-nc (0.2.0)
      capistrano (~> 3.0)
      terminal-notifier (~> 2.0)
    capistrano-pending (0.2.0)
      capistrano (>= 3.2.0)
    capistrano-rails (1.3.1)
      capistrano (~> 3.1)
      capistrano-bundler (~> 1.1)
    capistrano-rvm (0.1.2)
      capistrano (~> 3.0)
      sshkit (~> 1.2)
    capistrano-safe-deploy-to (1.1.1)
      capistrano (>= 3.0)
    capistrano-sidekiq (0.10.0)
      capistrano
      sidekiq (>= 3.4)
    capistrano-ssh-doctor (1.0.0)
      capistrano (>= 3.1)
    capistrano3-puma (2.0.0)
      capistrano (~> 3.5)
      capistrano-bundler
      puma (~> 3.4)
    case_transform (0.2)
      activesupport
    coffee-rails (4.2.2)
      coffee-script (>= 2.2.0)
      railties (>= 4.0.0)
    coffee-script (2.4.1)
      coffee-script-source
      execjs
    coffee-script-source (1.12.2)
    concurrent-ruby (1.0.5)
    connection_pool (2.2.1)
    crass (1.0.3)
    css_parser (1.6.0)
      addressable
    devise (4.4.3)
      bcrypt (~> 3.0)
      orm_adapter (~> 0.1)
      railties (>= 4.1.0, < 6.0)
      responders
      warden (~> 1.2.3)
    dotenv (0.7.0)
    erubi (1.7.1)
    execjs (2.7.0)
    faraday (0.14.0)
      multipart-post (>= 1.2, < 3)
    ffi (1.9.23)
    figaro (1.1.1)
      thor (~> 0.14)
    foreman (0.64.0)
      dotenv (~> 0.7.0)
      thor (>= 0.13.6)
    globalid (0.4.1)
      activesupport (>= 4.2.0)
    highline (1.7.10)
    htmlentities (4.3.4)
    i18n (1.0.0)
      concurrent-ruby (~> 1.0)
    js-routes (1.4.3)
      railties (>= 3.2)
      sprockets-rails
    jsonapi-renderer (0.2.0)
    listen (3.1.5)
      rb-fsevent (~> 0.9, >= 0.9.4)
      rb-inotify (~> 0.9, >= 0.9.7)
      ruby_dep (~> 1.2)
    loofah (2.2.2)
      crass (~> 1.0.2)
      nokogiri (>= 1.5.9)
    mail (2.7.0)
      mini_mime (>= 0.1.1)
    method_source (0.9.0)
    mini_mime (1.0.0)
    mini_portile2 (2.3.0)
    minitest (5.11.3)
    multipart-post (2.0.0)
    mysql2 (0.5.0)
    net-scp (1.2.1)
      net-ssh (>= 2.6.5)
    net-ssh (4.2.0)
    ng-rails-csrf (0.1.0)
    nio4r (2.3.0)
    nokogiri (1.8.2)
      mini_portile2 (~> 2.3.0)
    nokogumbo (1.5.0)
      nokogiri
    options (2.3.2)
    orm_adapter (0.5.0)
    paper_trail (9.0.0)
      activerecord (>= 4.2, < 5.3)
      request_store (~> 1.1)
    pg (0.21.0)
    pr_geohash (1.0.0)
    progress_bar (1.2.0)
      highline (~> 1.6)
      options (~> 2.3.0)
    public_suffix (3.0.2)
    puma (3.11.3)
    rack (2.0.4)
    rack-cors (1.0.2)
    rack-protection (2.0.1)
      rack
    rack-test (1.0.0)
      rack (>= 1.0, < 3)
    rails (5.1.6)
      actioncable (= 5.1.6)
      actionmailer (= 5.1.6)
      actionpack (= 5.1.6)
      actionview (= 5.1.6)
      activejob (= 5.1.6)
      activemodel (= 5.1.6)
      activerecord (= 5.1.6)
      activesupport (= 5.1.6)
      bundler (>= 1.3.0)
      railties (= 5.1.6)
      sprockets-rails (>= 2.0.0)
    rails-assets-angular (1.5.11)
    rails-assets-angular-animate (1.5.11)
      rails-assets-angular (= 1.5.11)
    rails-assets-angular-aria (1.5.11)
      rails-assets-angular (= 1.5.11)
    rails-assets-angular-cookies (1.5.11)
      rails-assets-angular (= 1.5.11)
    rails-assets-angular-file-model (0.3.1)
      rails-assets-angular (>= 1.3)
    rails-assets-angular-file-upload (2.5.0)
      rails-assets-angular (>= 1.1.5, < 2)
    rails-assets-angular-filter (0.5.17)
      rails-assets-angular (>= 1.4.3)
    rails-assets-angular-material (1.1.1)
      rails-assets-angular (>= 1.4.8, < 2)
      rails-assets-angular-animate (>= 1.4.8, < 2)
      rails-assets-angular-aria (>= 1.4.8, < 2)
      rails-assets-angular-messages (>= 1.4.8, < 2)
    rails-assets-angular-material-icons (0.6.0)
      rails-assets-angular (> 1.3)
    rails-assets-angular-messages (1.5.11)
      rails-assets-angular (= 1.5.11)
    rails-assets-angular-moment (1.2.0)
      rails-assets-angular (>= 1.2.0, < 1.7.0)
      rails-assets-moment (>= 2.19.3, < 3.0.0)
    rails-assets-angular-resource (1.5.11)
      rails-assets-angular (= 1.5.11)
    rails-assets-angular-route (1.5.11)
      rails-assets-angular (= 1.5.11)
    rails-assets-angular-sanitize (1.5.11)
      rails-assets-angular (= 1.5.11)
    rails-assets-angular-translate (2.17.0)
      rails-assets-angular (>= 1.2.26, < 1.7)
    rails-assets-angular-translate-loader-partial (2.17.0)
      rails-assets-angular-translate (~> 2.17.0)
    rails-assets-angular-translate-loader-static-files (2.17.0)
      rails-assets-angular-translate (~> 2.17.0)
    rails-assets-angular-translate-storage-cookie (2.17.0)
      rails-assets-angular-cookies (>= 1.2.26, < 1.7)
      rails-assets-angular-translate (~> 2.17.0)
    rails-assets-angular-translate-storage-local (2.17.0)
      rails-assets-angular-translate (~> 2.17.0)
      rails-assets-angular-translate-storage-cookie (~> 2.17.0)
    rails-assets-angular-xeditable (0.8.1)
      rails-assets-angular (~> 1.0)
    rails-assets-angularjs-viewhead (0.0.1)
    rails-assets-fastclick (1.0.6)
    rails-assets-html5shiv (3.7.3)
    rails-assets-jquery (2.1.4)
    rails-assets-lodash (3.10.1)
    rails-assets-md-data-table (2.2.0)
      rails-assets-angular (~> 1.5.8)
      rails-assets-angular-animate (~> 1.5.8)
      rails-assets-angular-material (= 1.1.1)
      rails-assets-angular-material-icons (~> 0.6.0)
      rails-assets-angular-sanitize (~> 1.5.8)
      rails-assets-jquery (~> 2.1.4)
      rails-assets-lodash (~> 3.10.1)
    rails-assets-moment (2.22.0)
    rails-assets-respond (1.4.2)
    rails-dom-testing (2.0.3)
      activesupport (>= 4.2.0)
      nokogiri (>= 1.6)
    rails-html-sanitizer (1.0.4)
      loofah (~> 2.2, >= 2.2.2)
    rails-i18n (5.1.1)
      i18n (>= 0.7, < 2)
      railties (>= 5.0, < 6)
    railties (5.1.6)
      actionpack (= 5.1.6)
      activesupport (= 5.1.6)
      method_source
      rake (>= 0.8.7)
      thor (>= 0.18.1, < 2.0)
    rake (12.3.1)
    rb-fsevent (0.10.3)
    rb-inotify (0.9.10)
      ffi (>= 0.5.0, < 2)
    redis (4.0.1)
    request_store (1.4.1)
      rack (>= 1.4)
    responders (2.4.0)
      actionpack (>= 4.2.0, < 5.3)
      railties (>= 4.2.0, < 5.3)
    rolify (5.2.0)
    rsolr (2.1.0)
      builder (>= 2.1.2)
      faraday (>= 0.9.0)
    ruby_dep (1.5.0)
    rubyzip (1.1.7)
    sanitize (4.6.4)
      crass (~> 1.0.2)
      nokogiri (>= 1.4.4)
      nokogumbo (~> 1.4)
    sass (3.5.6)
      sass-listen (~> 4.0.0)
    sass-listen (4.0.0)
      rb-fsevent (~> 0.9, >= 0.9.4)
      rb-inotify (~> 0.9, >= 0.9.7)
    sass-rails (5.0.7)
      railties (>= 4.0.0, < 6)
      sass (~> 3.1)
      sprockets (>= 2.8, < 4.0)
      sprockets-rails (>= 2.0, < 4.0)
      tilt (>= 1.1, < 3)
    secure_headers (2.5.3)
      user_agent_parser
    sidekiq (5.1.3)
      concurrent-ruby (~> 1.0)
      connection_pool (~> 2.2, >= 2.2.0)
      rack-protection (>= 1.5.0)
      redis (>= 3.3.5, < 5)
    slim (3.0.9)
      temple (>= 0.7.6, < 0.9)
      tilt (>= 1.3.3, < 2.1)
    slim-rails (3.1.1)
      actionpack (>= 3.1)
      railties (>= 3.1)
      slim (~> 3.0)
    sprockets (3.7.1)
      concurrent-ruby (~> 1.0)
      rack (> 1, < 3)
    sprockets-rails (3.2.1)
      actionpack (>= 4.0)
      activesupport (>= 4.0)
      sprockets (>= 3.0.0)
    sqlite3 (1.3.13)
    sshkit (1.16.0)
      net-scp (>= 1.1.2)
      net-ssh (>= 2.8.0)
    sunspot (2.2.8)
      pr_geohash (~> 1.0)
      rsolr (>= 1.1.1, < 3)
    sunspot-queue (0.10.3)
      sunspot_rails (>= 1.3.0)
    sunspot_rails (2.2.8)
      rails (>= 3)
      sunspot (= 2.2.8)
    sunspot_solr (2.2.8)
    temple (0.8.0)
    terminal-notifier (2.0.0)
    thor (0.20.0)
    thread_safe (0.3.6)
    tilt (2.0.8)
    tzinfo (1.2.5)
      thread_safe (~> 0.1)
    uglifier (4.1.8)
      execjs (>= 0.3.0, < 3)
    user_agent_parser (2.4.1)
    warden (1.2.7)
      rack (>= 1.0)
    websocket-driver (0.6.5)
      websocket-extensions (>= 0.1.0)
    websocket-extensions (0.1.3)

PLATFORMS
  ruby

DEPENDENCIES
  active_model_serializers
  acts-as-taggable-on (~> 4.0)
  acts_as_list
  autoprefixer-rails
  axlsx (= 2.1.0.pre)
  axlsx_rails
  cancancan!
  capistrano (~> 3.6.0)
  capistrano-bundler
  capistrano-docker!
  capistrano-file-permissions
  capistrano-nc
  capistrano-pending
  capistrano-rails
  capistrano-rvm
  capistrano-safe-deploy-to
  capistrano-sidekiq
  capistrano-ssh-doctor
  capistrano3-puma
  coffee-rails (~> 4.2)
  css_parser
  devise
  figaro
  foreman
  js-routes
  listen
  mysql2
  ng-rails-csrf
  paper_trail
  pg
  progress_bar
  puma
  rack-cors
  rails (~> 5.1.0)
  rails-assets-angular (~> 1.5.0)!
  rails-assets-angular-animate!
  rails-assets-angular-aria!
  rails-assets-angular-cookies!
  rails-assets-angular-file-model!
  rails-assets-angular-file-upload!
  rails-assets-angular-filter!
  rails-assets-angular-material!
  rails-assets-angular-material-icons!
  rails-assets-angular-messages!
  rails-assets-angular-moment!
  rails-assets-angular-resource!
  rails-assets-angular-route!
  rails-assets-angular-sanitize!
  rails-assets-angular-translate!
  rails-assets-angular-translate-loader-partial!
  rails-assets-angular-translate-loader-static-files!
  rails-assets-angular-translate-storage-cookie!
  rails-assets-angular-translate-storage-local!
  rails-assets-angular-xeditable!
  rails-assets-angularjs-viewhead!
  rails-assets-fastclick!
  rails-assets-html5shiv!
  rails-assets-jquery!
  rails-assets-md-data-table!
  rails-assets-moment!
  rails-assets-respond!
  rails-i18n
  rolify
  rubyzip (~> 1.1.0)
  sanitize
  sass-rails (~> 5.0.6)
  secure_headers (~> 2.5.0)
  slim-rails (= 3.1.1)
  sqlite3
  sunspot
  sunspot-queue
  sunspot_rails
  sunspot_solr
  uglifier (>= 1.3.0)

BUNDLED WITH
   1.16.0
